GEM
  remote: https://rubygems.org/
  specs:
    calendarium-romanum (0.6.0)
      i18n (~> 0.6)
      roman-numerals (~> 0.3)
      thor (~> 0.18)
    calrom (0.3.0)
      calendarium-romanum (~> 0.6.0)
      colorize (~> 0.8)
      pattern-match (~> 1.0)
    colorize (0.8.1)
    concurrent-ruby (1.1.8)
    i18n (0.9.5)
      concurrent-ruby (~> 1.0)
    pattern-match (1.0.1)
    roman-numerals (0.3.0)
    thor (0.20.3)

PLATFORMS
  ruby

DEPENDENCIES
  calrom

BUNDLED WITH
   2.1.4
